GIT
  remote: https://github.com/edgemaster/gitlab.git
  revision: 87fd61872acc5d5990aba3387e7b2cd2aebdc276
  ref: master
  specs:
    gitlab (3.6.1)
      httparty
      terminal-table

GEM
  remote: https://rubygems.org/
  specs:
    addressable (2.5.2)
      public_suffix (>= 2.0.2, < 4.0)
    coderay (1.1.2)
    faraday (0.13.1)
      multipart-post (>= 1.2, < 3)
    httparty (0.21.0)
      mini_mime (>= 1.0.0)
      multi_xml (>= 0.5.2)
    method_source (0.9.0)
    mini_mime (1.1.2)
    multi_xml (0.6.0)
    multipart-post (2.0.0)
    netrc (0.11.0)
    octokit (4.7.0)
      sawyer (~> 0.8.0, >= 0.5.3)
    pry (0.11.1)
      coderay (~> 1.1.0)
      method_source (~> 0.9.0)
    public_suffix (3.0.0)
    rugged (0.26.0)
    sawyer (0.8.1)
      addressable (>= 2.3.5, < 2.6)
      faraday (~> 0.8, < 1.0)
    terminal-table (3.0.2)
      unicode-display_width (>= 1.1.1, < 3)
    unicode-display_width (2.4.0)

PLATFORMS
  ruby

DEPENDENCIES
  gitlab!
  netrc (~> 0.11)
  octokit (~> 4.0)
  pry
  rugged

BUNDLED WITH
   1.15.4
